PATH
  remote: .
  specs:
    nba_players (0.1.4)
      colorize (~> 0.8.0)
      nokogiri (~> 1.10)
      terminal-table (~> 1.8, >= 1.7.9)

GEM
  remote: https://rubygems.org/
  specs:
    coderay (1.1.3)
    colorize (0.8.1)
    method_source (1.0.0)
    mini_portile2 (2.4.0)
    nokogiri (1.10.10)
      mini_portile2 (~> 2.4.0)
    pry (0.13.1)
      coderay (~> 1.1)
      method_source (~> 1.0)
    rake (10.5.0)
    terminal-table (1.8.0)
      unicode-display_width (~> 1.1, >= 1.1.1)
    unicode-display_width (1.7.0)

PLATFORMS
  ruby

DEPENDENCIES
  bundler (~> 2.0)
  nba_players!
  pry (~> 0.10)
  rake (~> 10.0)

BUNDLED WITH
   2.1.4
